PATH
  remote: .
  specs:
    gitmodel (0.0.0)
      activemodel (>= 3.0.1)
      activesupport (>= 3.0.1)
      grit (>= 2.3.0)
      lockfile (>= 1.4.3)

GEM
  remote: http://rubygems.org/
  specs:
    ZenTest (4.4.0)
    activemodel (3.0.1)
      activesupport (= 3.0.1)
      builder (~> 2.1.2)
      i18n (~> 0.4.1)
    activesupport (3.0.1)
    autotest (4.4.1)
    autotest-fsevent (0.2.3)
      sys-uname
    builder (2.1.2)
    diff-lcs (1.1.2)
    grit (2.3.0)
      diff-lcs (~> 1.1)
      mime-types (~> 1.15)
    i18n (0.4.1)
    lockfile (1.4.3)
    mime-types (1.16)
    rspec (2.0.1)
      rspec-core (~> 2.0.1)
      rspec-expectations (~> 2.0.1)
      rspec-mocks (~> 2.0.1)
    rspec-core (2.0.1)
    rspec-expectations (2.0.1)
      diff-lcs (>= 1.1.2)
    rspec-mocks (2.0.1)
      rspec-core (~> 2.0.1)
      rspec-expectations (~> 2.0.1)
    sys-uname (0.8.4)

PLATFORMS
  ruby

DEPENDENCIES
  ZenTest (>= 4.4.0)
  activemodel (>= 3.0.1)
  activesupport (>= 3.0.1)
  autotest (>= 4.4.1)
  autotest-fsevent (>= 0.2.3)
  gitmodel!
  grit (>= 2.3.0)
  lockfile (>= 1.4.3)
  rspec (>= 2.0.1)
